GEM
  remote: https://rubygems.org/
  specs:
    concurrent-ruby (1.2.3)
    debug (1.9.1)
      irb (~> 1.10)
      reline (>= 0.3.8)
    i18n (1.14.4)
      concurrent-ruby (~> 1.0)
    io-console (0.7.2)
    irb (1.12.0)
      rdoc
      reline (>= 0.4.2)
    psych (5.1.2)
      stringio
    rdoc (6.6.2)
      psych (>= 4.0.0)
    reline (0.4.3)
      io-console (~> 0.5)
    stringio (3.1.0)

PLATFORMS
  arm64-darwin-23

DEPENDENCIES
  debug
  i18n

BUNDLED WITH
   2.4.10
